GEM
  remote: http://rubygems.org/
  specs:
    rake (0.8.7)

PLATFORMS
  java

DEPENDENCIES
  rake (= 0.8.7)
